REDIRECTS: ON
NUGET
  remote: https://www.nuget.org/api/v2
    FAKE (4.25.4)
    FSharp.Core (4.0.0.1)
    Newtonsoft.Json (8.0.3) - framework: >= net451, >= netstandard13
  remote: https://www.myget.org/F/aspnetvnext
    Microsoft.AspNetCore.Hosting (1.0.0-rc3-20550) - framework: >= net451, >= netstandard13
      Microsoft.AspNetCore.Hosting.Abstractions (>= 1.0.0-rc3-20550) - framework: >= net451, >= netstandard13
      Microsoft.AspNetCore.Hosting.Server.Abstractions (>= 1.0.0-rc3-20550) - framework: >= net451, >= netstandard13
      Microsoft.AspNetCore.Http (>= 1.0.0-rc3-20550) - framework: >= net451, >= netstandard13
      Microsoft.AspNetCore.Http.Extensions (>= 1.0.0-rc3-20550) - framework: >= net451, >= netstandard13
      Microsoft.Extensions.Configuration (>= 1.0.0-rc3-20550) - framework: >= net451, >= netstandard13
      Microsoft.Extensions.Configuration.CommandLine (>= 1.0.0-rc3-20550) - framework: >= net451, >= netstandard13
      Microsoft.Extensions.Configuration.EnvironmentVariables (>= 1.0.0-rc3-20550) - framework: >= net451, >= netstandard13
      Microsoft.Extensions.Configuration.Json (>= 1.0.0-rc3-20550) - framework: >= net451, >= netstandard13
      Microsoft.Extensions.DependencyInjection (>= 1.0.0-rc3-20550) - framework: >= net451, >= netstandard13
      Microsoft.Extensions.FileProviders.Physical (>= 1.0.0-rc3-20550) - framework: >= net451, >= netstandard13
      Microsoft.Extensions.Logging (>= 1.0.0-rc3-20550) - framework: >= net451, >= netstandard13
      Microsoft.Extensions.Options (>= 1.0.0-rc3-20550) - framework: >= net451, >= netstandard13
      Microsoft.Extensions.PlatformAbstractions (>= 1.0.0-rc3-20550) - framework: >= net451, >= netstandard13
      System.Console (>= 4.0.0-rc2-24008) - framework: >= netstandard13
      System.Diagnostics.DiagnosticSource (>= 4.0.0-rc2-24008) - framework: >= net451, >= netstandard13
      System.Diagnostics.StackTrace (>= 4.0.1-rc2-24008) - framework: >= netstandard13
      System.Reflection.Extensions (>= 4.0.1-rc2-24008) - framework: >= netstandard13
    Microsoft.AspNetCore.Hosting.Abstractions (1.0.0-rc3-20550) - framework: >= net451, >= netstandard13
      Microsoft.AspNetCore.Hosting.Server.Abstractions (>= 1.0.0-rc3-20550) - framework: >= net451, >= netstandard13
      Microsoft.AspNetCore.Http.Abstractions (>= 1.0.0-rc3-20550) - framework: >= net451, >= netstandard13
      Microsoft.Extensions.Configuration.Abstractions (>= 1.0.0-rc3-20550) - framework: >= net451, >= netstandard13
      Microsoft.Extensions.DependencyInjection.Abstractions (>= 1.0.0-rc3-20550) - framework: >= net451, >= netstandard13
      Microsoft.Extensions.FileProviders.Abstractions (>= 1.0.0-rc3-20550) - framework: >= net451, >= netstandard13
      Microsoft.Extensions.Logging.Abstractions (>= 1.0.0-rc3-20550) - framework: >= net451, >= netstandard13
    Microsoft.AspNetCore.Hosting.Server.Abstractions (1.0.0-rc3-20550) - framework: >= net451, >= netstandard13
      Microsoft.AspNetCore.Http.Features (>= 1.0.0-rc3-20550) - framework: >= net451, >= netstandard13
      Microsoft.Extensions.Configuration.Abstractions (>= 1.0.0-rc3-20550) - framework: >= net451, >= netstandard13
    Microsoft.AspNetCore.Http (1.0.0-rc3-20550) - framework: >= net451, >= netstandard13
      Microsoft.AspNetCore.Http.Abstractions (>= 1.0.0-rc3-20550) - framework: >= net451, >= netstandard13
      Microsoft.AspNetCore.WebUtilities (>= 1.0.0-rc3-20550) - framework: >= net451, >= netstandard13
      Microsoft.Extensions.ObjectPool (>= 1.0.0-rc3-20550) - framework: >= net451, >= netstandard13
      Microsoft.Net.Http.Headers (>= 1.0.0-rc3-20550) - framework: >= net451, >= netstandard13
      System.Buffers (>= 4.0.0-rc2-24008) - framework: >= net451, >= netstandard13
      System.Threading (>= 4.0.11-rc2-24008) - framework: >= netstandard13
    Microsoft.AspNetCore.Http.Abstractions (1.0.0-rc3-20550) - framework: >= net451, >= netstandard13
      Microsoft.AspNetCore.Http.Features (>= 1.0.0-rc3-20550) - framework: >= net451, >= netstandard13
      System.Globalization.Extensions (>= 4.0.1-rc2-24008) - framework: >= netstandard13
      System.Linq.Expressions (>= 4.0.11-rc2-24008) - framework: >= netstandard13
      System.Reflection.TypeExtensions (>= 4.1.0-rc2-24008) - framework: >= netstandard13
      System.Runtime.InteropServices (>= 4.1.0-rc2-24008) - framework: >= netstandard13
      System.Text.Encodings.Web (>= 4.0.0-rc2-24008) - framework: >= net451, >= netstandard13
    Microsoft.AspNetCore.Http.Extensions (1.0.0-rc3-20550) - framework: >= net451, >= netstandard13
      Microsoft.AspNetCore.Http.Abstractions (>= 1.0.0-rc3-20550) - framework: >= net451, >= netstandard13
      Microsoft.Extensions.FileProviders.Abstractions (>= 1.0.0-rc3-20550) - framework: >= net451, >= netstandard13
      Microsoft.Net.Http.Headers (>= 1.0.0-rc3-20550) - framework: >= net451, >= netstandard13
      System.Buffers (>= 4.0.0-rc2-24008) - framework: >= net451, >= netstandard13
      System.IO.FileSystem (>= 4.0.1-rc2-24008) - framework: >= netstandard13
    Microsoft.AspNetCore.Http.Features (1.0.0-rc3-20550) - framework: >= net451, >= netstandard13
      Microsoft.Extensions.Primitives (>= 1.0.0-rc3-20550) - framework: >= net451, >= netstandard13
      System.Collections (>= 4.0.11-rc2-24008) - framework: >= netstandard13
      System.ComponentModel (>= 4.0.1-rc2-24008) - framework: >= netstandard13
      System.Linq (>= 4.1.0-rc2-24008) - framework: >= netstandard13
      System.Net.Primitives (>= 4.0.11-rc2-24008) - framework: >= netstandard13
      System.Net.WebSockets (>= 4.0.0-rc2-24008) - framework: >= netstandard13
      System.Runtime.Extensions (>= 4.1.0-rc2-24008) - framework: >= netstandard13
      System.Security.Claims (>= 4.0.1-rc2-24008) - framework: >= netstandard13
      System.Security.Cryptography.X509Certificates (>= 4.1.0-rc2-24008) - framework: >= netstandard13
      System.Security.Principal (>= 4.0.1-rc2-24008) - framework: >= netstandard13
    Microsoft.AspNetCore.Server.Kestrel (1.0.0-rc2-20466)
      Microsoft.AspNetCore.Hosting (>= 1.0.0-rc2-20466) - framework: >= net451, >= netstandard13
      Microsoft.Extensions.Logging.Abstractions (>= 1.0.0-rc2-20466) - framework: >= net451, >= netstandard13
      Microsoft.Extensions.PlatformAbstractions (>= 1.0.0-rc2-20466) - framework: >= net451, >= netstandard13
      System.Buffers (>= 4.0.0-rc2-23931) - framework: >= net451, >= netstandard13
      System.Collections (>= 4.0.11-rc2-23931) - framework: >= netstandard13
      System.Diagnostics.Debug (>= 4.0.11-rc2-23931) - framework: >= netstandard13
      System.Globalization (>= 4.0.11-rc2-23931) - framework: >= netstandard13
      System.IO (>= 4.1.0-rc2-23931) - framework: >= netstandard13
      System.Linq (>= 4.1.0-rc2-23931) - framework: >= netstandard13
      System.Net.Primitives (>= 4.0.11-rc2-23931) - framework: >= netstandard13
      System.Numerics.Vectors (>= 4.1.1-rc2-23931) - framework: >= net451, >= netstandard13
      System.Runtime.Extensions (>= 4.1.0-rc2-23931) - framework: >= netstandard13
      System.Runtime.InteropServices (>= 4.1.0-rc2-23931) - framework: >= netstandard13
      System.Text.Encoding (>= 4.0.11-rc2-23931) - framework: >= netstandard13
      System.Threading (>= 4.0.11-rc2-23931) - framework: >= netstandard13
      System.Threading.Tasks (>= 4.0.11-rc2-23931) - framework: >= netstandard13
      System.Threading.Tasks.Extensions (>= 4.0.0-rc2-23931) - framework: >= net451, >= netstandard13
      System.Threading.Thread (>= 4.0.0-rc2-23931) - framework: >= netstandard13
      System.Threading.ThreadPool (>= 4.0.10-rc2-23931) - framework: >= netstandard13
      System.Threading.Timer (>= 4.0.1-rc2-23931) - framework: >= netstandard13
    Microsoft.AspNetCore.WebUtilities (1.0.0-rc3-20550) - framework: >= net451, >= netstandard13
      Microsoft.Extensions.Primitives (>= 1.0.0-rc3-20550) - framework: >= net451, >= netstandard13
      System.Buffers (>= 4.0.0-rc2-24008) - framework: >= net451, >= netstandard13
      System.Collections (>= 4.0.11-rc2-24008) - framework: >= netstandard13
      System.IO (>= 4.1.0-rc2-24008) - framework: >= netstandard13
      System.IO.FileSystem (>= 4.0.1-rc2-24008) - framework: >= netstandard13
      System.Text.Encodings.Web (>= 4.0.0-rc2-24008) - framework: >= net451, >= netstandard13
    Microsoft.Extensions.Configuration (1.0.0-rc3-20550) - framework: >= net451, >= netstandard13
      Microsoft.Extensions.Configuration.Abstractions (>= 1.0.0-rc3-20550) - framework: >= netstandard11
      System.Collections (>= 4.0.11-rc2-24008) - framework: >= netstandard11
      System.Diagnostics.Debug (>= 4.0.11-rc2-24008) - framework: >= netstandard11
      System.IO (>= 4.1.0-rc2-24008) - framework: >= netstandard11
      System.Resources.ResourceManager (>= 4.0.1-rc2-24008) - framework: >= netstandard11
      System.Runtime.Extensions (>= 4.1.0-rc2-24008) - framework: >= netstandard11
      System.Runtime.InteropServices (>= 4.1.0-rc2-24008) - framework: >= netstandard11
      System.Threading (>= 4.0.11-rc2-24008) - framework: >= netstandard11
    Microsoft.Extensions.Configuration.Abstractions (1.0.0-rc3-20550) - framework: >= net451, >= netstandard13
      Microsoft.Extensions.Primitives (>= 1.0.0-rc3-20550) - framework: >= netstandard10
      System.Linq (>= 4.1.0-rc2-24008) - framework: >= netstandard10
    Microsoft.Extensions.Configuration.CommandLine (1.0.0-rc3-20550) - framework: >= net451, >= netstandard13
      Microsoft.Extensions.Configuration (>= 1.0.0-rc3-20550) - framework: >= netstandard11
    Microsoft.Extensions.Configuration.EnvironmentVariables (1.0.0-rc3-20550) - framework: >= net451, >= netstandard13
      Microsoft.Extensions.Configuration (>= 1.0.0-rc3-20550) - framework: >= net451, >= netstandard13
    Microsoft.Extensions.Configuration.FileExtensions (1.0.0-rc3-20550) - framework: >= net451, >= netstandard13
      Microsoft.Extensions.Configuration (>= 1.0.0-rc3-20550) - framework: >= net451, >= netstandard13
      Microsoft.Extensions.FileProviders.Physical (>= 1.0.0-rc3-20550) - framework: >= net451, >= netstandard13
      System.AppContext (>= 4.1.0-rc2-24008) - framework: >= netstandard13
    Microsoft.Extensions.Configuration.Json (1.0.0-rc3-20550) - framework: >= net451, >= netstandard13
      Microsoft.Extensions.Configuration (>= 1.0.0-rc3-20550) - framework: >= net451, >= netstandard13
      Microsoft.Extensions.Configuration.FileExtensions (>= 1.0.0-rc3-20550) - framework: >= net451, >= netstandard13
      Newtonsoft.Json (>= 8.0.3) - framework: >= net451, >= netstandard13
      System.Dynamic.Runtime (>= 4.0.11-rc2-24008) - framework: >= netstandard13
      System.IO.FileSystem (>= 4.0.1-rc2-24008) - framework: >= netstandard13
    Microsoft.Extensions.DependencyInjection (1.0.0-rc3-20550) - framework: >= net451, >= netstandard13
      Microsoft.Extensions.DependencyInjection.Abstractions (>= 1.0.0-rc3-20550) - framework: dnxcore50, >= netstandard11
      System.Collections (>= 4.0.11-rc2-24008) - framework: >= netstandard11
      System.Collections.Concurrent (>= 4.0.12-rc2-24008) - framework: >= netstandard11
      System.Runtime.Extensions (>= 4.1.0-rc2-24008) - framework: >= netstandard11
      System.Threading (>= 4.0.11-rc2-24008) - framework: >= netstandard11
      System.Threading.Tasks (>= 4.0.11-rc2-24008) - framework: >= netstandard11
    Microsoft.Extensions.DependencyInjection.Abstractions (1.0.0-rc3-20550) - framework: >= net451, >= netstandard13
      System.ComponentModel (>= 4.0.1-rc2-24008) - framework: >= netstandard10
      System.Diagnostics.Debug (>= 4.0.11-rc2-24008) - framework: >= netstandard10
      System.Globalization (>= 4.0.11-rc2-24008) - framework: >= netstandard10
      System.Linq (>= 4.1.0-rc2-24008) - framework: >= netstandard10
      System.Linq.Expressions (>= 4.0.11-rc2-24008) - framework: >= netstandard10
      System.Reflection (>= 4.1.0-rc2-24008) - framework: >= netstandard10
      System.Resources.ResourceManager (>= 4.0.1-rc2-24008) - framework: >= netstandard10
    Microsoft.Extensions.FileProviders.Abstractions (1.0.0-rc3-20550) - framework: >= net451, >= netstandard13
      Microsoft.Extensions.Primitives (>= 1.0.0-rc3-20550) - framework: >= netstandard10
      System.IO (>= 4.1.0-rc2-24008) - framework: >= netstandard10
      System.Resources.ResourceManager (>= 4.0.1-rc2-24008) - framework: >= netstandard10
    Microsoft.Extensions.FileProviders.Physical (1.0.0-rc3-20550) - framework: >= net451, >= netstandard13
      Microsoft.Extensions.FileProviders.Abstractions (>= 1.0.0-rc3-20550) - framework: >= net451, >= netstandard13
      System.Collections.Concurrent (>= 4.0.12-rc2-24008) - framework: >= netstandard13
      System.IO.FileSystem (>= 4.0.1-rc2-24008) - framework: >= netstandard13
      System.IO.FileSystem.Watcher (>= 4.0.0-rc2-24008) - framework: >= netstandard13
      System.Runtime.Extensions (>= 4.1.0-rc2-24008) - framework: >= netstandard13
      System.Text.RegularExpressions (>= 4.0.12-rc2-24008) - framework: >= netstandard13
      System.Threading (>= 4.0.11-rc2-24008) - framework: >= netstandard13
    Microsoft.Extensions.Logging (1.0.0-rc3-20550) - framework: >= net451, >= netstandard13
      Microsoft.Extensions.DependencyInjection.Abstractions (>= 1.0.0-rc3-20550) - framework: dnxcore50, >= netstandard11
      Microsoft.Extensions.Logging.Abstractions (>= 1.0.0-rc3-20550) - framework: dnxcore50, >= netstandard11
      System.Threading (>= 4.0.11-rc2-24008) - framework: >= netstandard11
    Microsoft.Extensions.Logging.Abstractions (1.0.0-rc3-20550) - framework: >= net451, >= netstandard13
      System.Collections (>= 4.0.11-rc2-24008) - framework: >= netstandard11
      System.Collections.Concurrent (>= 4.0.12-rc2-24008) - framework: >= netstandard11
      System.Globalization (>= 4.0.11-rc2-24008) - framework: >= netstandard11
      System.Linq (>= 4.1.0-rc2-24008) - framework: >= netstandard11
      System.Reflection (>= 4.1.0-rc2-24008) - framework: >= netstandard11
      System.Resources.ResourceManager (>= 4.0.1-rc2-24008) - framework: >= netstandard11
      System.Runtime.Extensions (>= 4.1.0-rc2-24008) - framework: >= netstandard11
      System.Runtime.InteropServices (>= 4.1.0-rc2-24008) - framework: >= netstandard11
    Microsoft.Extensions.ObjectPool (1.0.0-rc3-20550) - framework: >= net451, >= netstandard13
      System.Diagnostics.Debug (>= 4.0.11-rc2-24008) - framework: >= netstandard13
      System.Resources.ResourceManager (>= 4.0.1-rc2-24008) - framework: >= netstandard13
      System.Runtime.Extensions (>= 4.1.0-rc2-24008) - framework: >= netstandard13
      System.Threading (>= 4.0.11-rc2-24008) - framework: >= netstandard13
    Microsoft.Extensions.Options (1.0.0-rc3-20550) - framework: >= net451, >= netstandard13
      Microsoft.Extensions.DependencyInjection.Abstractions (>= 1.0.0-rc3-20550) - framework: dnxcore50, >= netstandard10
      Microsoft.Extensions.Primitives (>= 1.0.0-rc3-20550) - framework: dnxcore50, >= netstandard10
      System.ComponentModel (>= 4.0.1-rc2-24008) - framework: >= netstandard10
      System.Diagnostics.Debug (>= 4.0.11-rc2-24008) - framework: >= netstandard10
      System.Globalization (>= 4.0.11-rc2-24008) - framework: >= netstandard10
      System.Linq (>= 4.1.0-rc2-24008) - framework: >= netstandard10
      System.Linq.Expressions (>= 4.0.11-rc2-24008) - framework: >= netstandard10
      System.Reflection (>= 4.1.0-rc2-24008) - framework: >= netstandard10
      System.Resources.ResourceManager (>= 4.0.1-rc2-24008) - framework: >= netstandard10
      System.Runtime.Extensions (>= 4.1.0-rc2-24008) - framework: >= netstandard10
      System.Threading (>= 4.0.11-rc2-24008) - framework: >= netstandard10
    Microsoft.Extensions.PlatformAbstractions (1.0.0-rc3-20550) - framework: >= net451, >= netstandard13
      System.AppContext (>= 4.1.0-rc2-24008) - framework: >= netstandard13
      System.IO.FileSystem (>= 4.0.1-rc2-24008) - framework: >= netstandard13
      System.Linq (>= 4.1.0-rc2-24008) - framework: >= netstandard13
      System.Reflection (>= 4.1.0-rc2-24008) - framework: >= netstandard13
      System.Reflection.Extensions (>= 4.0.1-rc2-24008) - framework: >= netstandard13
      System.Reflection.TypeExtensions (>= 4.1.0-rc2-24008) - framework: >= netstandard13
      System.Resources.ResourceManager (>= 4.0.1-rc2-24008) - framework: >= netstandard13
      System.Runtime.Extensions (>= 4.1.0-rc2-24008) - framework: >= netstandard13
      System.Runtime.InteropServices (>= 4.1.0-rc2-24008) - framework: >= netstandard13
      System.Runtime.InteropServices.RuntimeInformation (>= 4.0.0-rc2-24008) - framework: >= netstandard13
      System.Threading.Tasks (>= 4.0.11-rc2-24008) - framework: >= netstandard13
    Microsoft.Extensions.Primitives (1.0.0-rc3-20550) - framework: >= net451, >= netstandard13
      System.Resources.ResourceManager (>= 4.0.1-rc2-24008) - framework: >= netstandard10
      System.Runtime (>= 4.1.0-rc2-24008) - framework: >= netstandard10
    Microsoft.Net.Http.Headers (1.0.0-rc3-20550) - framework: >= net451, >= netstandard13
      System.Buffers (>= 4.0.0-rc2-24008) - framework: >= netstandard11
      System.Collections (>= 4.0.11-rc2-24008) - framework: >= netstandard11
      System.Diagnostics.Contracts (>= 4.0.1-rc2-24008) - framework: >= netstandard11
      System.Globalization (>= 4.0.11-rc2-24008) - framework: >= netstandard11
      System.Linq (>= 4.1.0-rc2-24008) - framework: >= netstandard11
      System.Resources.ResourceManager (>= 4.0.1-rc2-24008) - framework: >= netstandard11
      System.Runtime.Extensions (>= 4.1.0-rc2-24008) - framework: >= netstandard11
      System.Text.Encoding (>= 4.0.11-rc2-24008) - framework: >= netstandard11
    Microsoft.Win32.Primitives (4.0.1-rc2-24008) - framework: >= netstandard13
      System.Runtime (>= 4.1.0-rc2-24008) - framework: >= netstandard13
    runtime.native.System (4.0.0-rc2-24008) - framework: >= netstandard13
    runtime.native.System.Net.Http (4.0.1-rc2-24008) - framework: >= netstandard13
    runtime.native.System.Security.Cryptography (4.0.0-rc2-24008) - framework: >= netstandard13
    System.AppContext (4.1.0-rc2-24008) - framework: >= netstandard13
      System.Runtime (>= 4.1.0-rc2-24008) - framework: netstandard13, >= netstandard15
    System.Buffers (4.0.0-rc2-24008) - framework: >= net451, >= netstandard13
      System.Diagnostics.Debug (>= 4.0.11-rc2-24008) - framework: >= netstandard11
      System.Diagnostics.Tracing (>= 4.1.0-rc2-24008) - framework: >= netstandard11
      System.Resources.ResourceManager (>= 4.0.1-rc2-24008) - framework: >= netstandard11
      System.Runtime (>= 4.1.0-rc2-24008) - framework: >= netstandard11
      System.Threading (>= 4.0.11-rc2-24008) - framework: >= netstandard11
    System.Collections (4.0.11-rc2-24008) - framework: >= netstandard13
      System.Runtime (>= 4.1.0-rc2-24008) - framework: dnxcore50, netstandard10, >= netstandard13
    System.Collections.Concurrent (4.0.12-rc2-24008) - framework: >= netstandard13
      System.Collections (>= 4.0.11-rc2-24008) - framework: dnxcore50, >= netstandard13
      System.Diagnostics.Debug (>= 4.0.11-rc2-24008) - framework: dnxcore50, >= netstandard13
      System.Diagnostics.Tracing (>= 4.1.0-rc2-24008) - framework: dnxcore50, >= netstandard13
      System.Globalization (>= 4.0.11-rc2-24008) - framework: dnxcore50, >= netstandard13
      System.Reflection (>= 4.1.0-rc2-24008) - framework: >= netstandard13
      System.Resources.ResourceManager (>= 4.0.1-rc2-24008) - framework: dnxcore50, >= netstandard13
      System.Runtime (>= 4.1.0-rc2-24008) - framework: dnxcore50, netstandard11, >= netstandard13
      System.Runtime.Extensions (>= 4.1.0-rc2-24008) - framework: dnxcore50, >= netstandard13
      System.Threading (>= 4.0.11-rc2-24008) - framework: dnxcore50, >= netstandard13
      System.Threading.Tasks (>= 4.0.11-rc2-24008) - framework: dnxcore50, netstandard11, >= netstandard13
    System.ComponentModel (4.0.1-rc2-24008) - framework: >= netstandard13
      System.Runtime (>= 4.1.0-rc2-24008) - framework: dnxcore50, netstandard10, >= netstandard13
    System.Console (4.0.0-rc2-24008) - framework: >= netstandard13
      System.IO (>= 4.1.0-rc2-24008) - framework: >= netstandard13
      System.Runtime (>= 4.1.0-rc2-24008) - framework: >= netstandard13
      System.Text.Encoding (>= 4.0.11-rc2-24008) - framework: >= netstandard13
    System.Diagnostics.Contracts (4.0.1-rc2-24008) - framework: >= netstandard13
      System.Runtime (>= 4.1.0-rc2-24008) - framework: dnxcore50, >= netstandard10
    System.Diagnostics.Debug (4.0.11-rc2-24008) - framework: >= netstandard13
      System.Runtime (>= 4.1.0-rc2-24008) - framework: dnxcore50, netstandard10, >= netstandard13
    System.Diagnostics.DiagnosticSource (4.0.0-rc2-24008) - framework: >= net451, >= netstandard13
      System.Collections (>= 4.0.11-rc2-24008) - framework: netstandard11, >= netstandard13
      System.Diagnostics.Tracing (>= 4.1.0-rc2-24008) - framework: netstandard11, >= netstandard13
      System.Reflection (>= 4.1.0-rc2-24008) - framework: netstandard11, >= netstandard13
      System.Runtime (>= 4.1.0-rc2-24008) - framework: netstandard11, >= netstandard13
      System.Threading (>= 4.0.11-rc2-24008) - framework: netstandard11, >= netstandard13
    System.Diagnostics.StackTrace (4.0.1-rc2-24008) - framework: >= netstandard13
      System.Reflection (>= 4.1.0-rc2-24008) - framework: >= netstandard13
      System.Runtime (>= 4.1.0-rc2-24008) - framework: >= netstandard13
    System.Diagnostics.Tracing (4.1.0-rc2-24008) - framework: >= netstandard13
      System.Runtime (>= 4.1.0-rc2-24008) - framework: dnxcore50, netstandard11, netstandard12, netstandard13, >= netstandard15
    System.Dynamic.Runtime (4.0.11-rc2-24008) - framework: >= netstandard13
      System.Collections (>= 4.0.11-rc2-24008) - framework: dnxcore50, >= netstandard13
      System.Diagnostics.Debug (>= 4.0.11-rc2-24008) - framework: dnxcore50, >= netstandard13
      System.Globalization (>= 4.0.11-rc2-24008) - framework: dnxcore50, >= netstandard13
      System.Linq (>= 4.1.0-rc2-24008) - framework: dnxcore50, >= netstandard13
      System.Linq.Expressions (>= 4.0.11-rc2-24008) - framework: dnxcore50, netstandard10, >= netstandard13
      System.ObjectModel (>= 4.0.12-rc2-24008) - framework: dnxcore50, netstandard10, >= netstandard13
      System.Reflection (>= 4.1.0-rc2-24008) - framework: dnxcore50, netstandard10, >= netstandard13
      System.Reflection.Emit (>= 4.0.1-rc2-24008) - framework: >= netstandard13
      System.Reflection.Emit.ILGeneration (>= 4.0.1-rc2-24008) - framework: >= netstandard13
      System.Reflection.Primitives (>= 4.0.1-rc2-24008) - framework: >= netstandard13
      System.Reflection.TypeExtensions (>= 4.1.0-rc2-24008) - framework: dnxcore50, >= netstandard13
      System.Resources.ResourceManager (>= 4.0.1-rc2-24008) - framework: dnxcore50, >= netstandard13
      System.Runtime (>= 4.1.0-rc2-24008) - framework: dnxcore50, netstandard10, >= netstandard13
      System.Runtime.Extensions (>= 4.1.0-rc2-24008) - framework: dnxcore50, >= netstandard13
      System.Threading (>= 4.0.11-rc2-24008) - framework: dnxcore50, >= netstandard13
    System.Globalization (4.0.11-rc2-24008) - framework: >= netstandard13
      System.Runtime (>= 4.1.0-rc2-24008) - framework: dnxcore50, netstandard10, >= netstandard13
    System.Globalization.Calendars (4.0.1-rc2-24008) - framework: >= netstandard14
      System.Globalization (>= 4.0.11-rc2-24008) - framework: >= netstandard13
      System.Runtime (>= 4.1.0-rc2-24008) - framework: >= netstandard13
    System.Globalization.Extensions (4.0.1-rc2-24008) - framework: >= netstandard13
      System.Globalization (>= 4.0.11-rc2-24008) - framework: >= netstandard13
      System.Resources.ResourceManager (>= 4.0.1-rc2-24008) - framework: >= netstandard13
      System.Runtime (>= 4.1.0-rc2-24008) - framework: >= netstandard13
      System.Runtime.Extensions (>= 4.1.0-rc2-24008) - framework: >= netstandard13
      System.Runtime.InteropServices (>= 4.1.0-rc2-24008) - framework: >= netstandard13
    System.IO (4.1.0-rc2-24008) - framework: >= netstandard13
      System.Runtime (>= 4.1.0-rc2-24008) - framework: dnxcore50, netstandard10, netstandard13, >= netstandard15
      System.Text.Encoding (>= 4.0.11-rc2-24008) - framework: dnxcore50, netstandard10, netstandard13, >= netstandard15
      System.Threading.Tasks (>= 4.0.11-rc2-24008) - framework: dnxcore50, netstandard10, netstandard13, >= netstandard15
    System.IO.FileSystem (4.0.1-rc2-24008) - framework: >= netstandard13
      System.IO (>= 4.1.0-rc2-24008) - framework: >= netstandard13
      System.IO.FileSystem.Primitives (>= 4.0.1-rc2-24008) - framework: >= net46, >= netstandard13
      System.Runtime (>= 4.1.0-rc2-24008) - framework: >= netstandard13
      System.Runtime.Handles (>= 4.0.1-rc2-24008) - framework: >= netstandard13
      System.Text.Encoding (>= 4.0.11-rc2-24008) - framework: >= netstandard13
      System.Threading.Tasks (>= 4.0.11-rc2-24008) - framework: >= netstandard13
    System.IO.FileSystem.Primitives (4.0.1-rc2-24008) - framework: >= netstandard13
      System.Runtime (>= 4.1.0-rc2-24008) - framework: >= netstandard13
    System.IO.FileSystem.Watcher (4.0.0-rc2-24008) - framework: >= netstandard13
      Microsoft.Win32.Primitives (>= 4.0.1-rc2-24008) - framework: >= netstandard13
      runtime.native.System (>= 4.0.0-rc2-24008) - framework: >= net46, >= netstandard13
      System.Collections (>= 4.0.11-rc2-24008) - framework: >= netstandard13
      System.IO.FileSystem (>= 4.0.1-rc2-24008) - framework: >= netstandard13
      System.IO.FileSystem.Primitives (>= 4.0.1-rc2-24008) - framework: >= netstandard13
      System.Resources.ResourceManager (>= 4.0.1-rc2-24008) - framework: >= netstandard13
      System.Runtime (>= 4.1.0-rc2-24008) - framework: >= netstandard13
      System.Runtime.Extensions (>= 4.1.0-rc2-24008) - framework: >= netstandard13
      System.Runtime.Handles (>= 4.0.1-rc2-24008) - framework: >= netstandard13
      System.Runtime.InteropServices (>= 4.1.0-rc2-24008) - framework: >= netstandard13
      System.Text.Encoding (>= 4.0.11-rc2-24008) - framework: >= netstandard13
      System.Threading (>= 4.0.11-rc2-24008) - framework: >= netstandard13
      System.Threading.Overlapped (>= 4.0.1-rc2-24008) - framework: >= netstandard13
      System.Threading.Tasks (>= 4.0.11-rc2-24008) - framework: >= netstandard13
      System.Threading.Thread (>= 4.0.0-rc2-24008) - framework: >= netstandard13
    System.Linq (4.1.0-rc2-24008) - framework: >= netstandard13
      System.Collections (>= 4.0.11-rc2-24008) - framework: dnxcore50, netstandard10, >= netstandard15
      System.Diagnostics.Debug (>= 4.0.11-rc2-24008) - framework: dnxcore50, >= netstandard15
      System.Resources.ResourceManager (>= 4.0.1-rc2-24008) - framework: dnxcore50, >= netstandard15
      System.Runtime (>= 4.1.0-rc2-24008) - framework: dnxcore50, netstandard10, >= netstandard15
      System.Runtime.Extensions (>= 4.1.0-rc2-24008) - framework: dnxcore50, >= netstandard15
    System.Linq.Expressions (4.0.11-rc2-24008) - framework: >= netstandard13
      System.Collections (>= 4.0.11-rc2-24008) - framework: dnxcore50, >= netstandard13
      System.Diagnostics.Debug (>= 4.0.11-rc2-24008) - framework: dnxcore50, >= netstandard13
      System.Globalization (>= 4.0.11-rc2-24008) - framework: dnxcore50, >= netstandard13
      System.IO (>= 4.1.0-rc2-24008) - framework: dnxcore50, >= netstandard13
      System.Linq (>= 4.1.0-rc2-24008) - framework: dnxcore50, >= netstandard13
      System.ObjectModel (>= 4.0.12-rc2-24008) - framework: >= netstandard13
      System.Reflection (>= 4.1.0-rc2-24008) - framework: dnxcore50, netstandard10, >= netstandard13
      System.Reflection.Emit (>= 4.0.1-rc2-24008) - framework: >= netstandard13
      System.Reflection.Emit.ILGeneration (>= 4.0.1-rc2-24008) - framework: dnxcore50, >= netstandard13
      System.Reflection.Emit.Lightweight (>= 4.0.1-rc2-24008) - framework: dnxcore50, >= netstandard13
      System.Reflection.Extensions (>= 4.0.1-rc2-24008) - framework: dnxcore50, >= netstandard13
      System.Reflection.Primitives (>= 4.0.1-rc2-24008) - framework: dnxcore50, >= netstandard13
      System.Reflection.TypeExtensions (>= 4.1.0-rc2-24008) - framework: dnxcore50, >= netstandard13
      System.Resources.ResourceManager (>= 4.0.1-rc2-24008) - framework: dnxcore50, >= netstandard13
      System.Runtime (>= 4.1.0-rc2-24008) - framework: dnxcore50, netstandard10, >= netstandard13
      System.Runtime.Extensions (>= 4.1.0-rc2-24008) - framework: dnxcore50, >= netstandard13
      System.Threading (>= 4.0.11-rc2-24008) - framework: dnxcore50, >= netstandard13
    System.Net.Primitives (4.0.11-rc2-24008) - framework: >= netstandard13
      System.Runtime (>= 4.1.0-rc2-24008) - framework: dnxcore50, netstandard10, netstandard11, >= netstandard13
      System.Runtime.Handles (>= 4.0.1-rc2-24008) - framework: dnxcore50, >= netstandard13
    System.Net.WebSockets (4.0.0-rc2-24008) - framework: >= netstandard13
      Microsoft.Win32.Primitives (>= 4.0.1-rc2-24008) - framework: >= netstandard13
      System.Resources.ResourceManager (>= 4.0.1-rc2-24008) - framework: >= netstandard13
      System.Runtime (>= 4.1.0-rc2-24008) - framework: >= netstandard13
      System.Threading.Tasks (>= 4.0.11-rc2-24008) - framework: >= netstandard13
    System.Numerics.Vectors (4.1.1-rc2-24008) - framework: >= net451, >= netstandard13
      System.Globalization (>= 4.0.11-rc2-24008) - framework: >= netstandard13
      System.Resources.ResourceManager (>= 4.0.1-rc2-24008) - framework: >= netstandard13
      System.Runtime (>= 4.1.0-rc2-24008) - framework: netstandard11, >= netstandard13
      System.Runtime.Extensions (>= 4.1.0-rc2-24008) - framework: >= netstandard13
    System.ObjectModel (4.0.12-rc2-24008) - framework: >= netstandard13
      System.Collections (>= 4.0.11-rc2-24008) - framework: dnxcore50, >= netstandard13
      System.Diagnostics.Debug (>= 4.0.11-rc2-24008) - framework: dnxcore50, >= netstandard13
      System.Resources.ResourceManager (>= 4.0.1-rc2-24008) - framework: dnxcore50, >= netstandard13
      System.Runtime (>= 4.1.0-rc2-24008) - framework: dnxcore50, netstandard10, >= netstandard13
      System.Threading (>= 4.0.11-rc2-24008) - framework: dnxcore50, >= netstandard13
    System.Reflection (4.1.0-rc2-24008) - framework: >= netstandard13
      System.IO (>= 4.1.0-rc2-24008) - framework: dnxcore50, netstandard10, netstandard13, >= netstandard15
      System.Reflection.Primitives (>= 4.0.1-rc2-24008) - framework: dnxcore50, netstandard10, netstandard13, >= netstandard15
      System.Runtime (>= 4.1.0-rc2-24008) - framework: dnxcore50, netstandard10, netstandard13, >= netstandard15
    System.Reflection.Emit (4.0.1-rc2-24008) - framework: >= netstandard13
      System.IO (>= 4.1.0-rc2-24008) - framework: >= netstandard11
      System.Reflection (>= 4.1.0-rc2-24008) - framework: >= netstandard11
      System.Reflection.Emit.ILGeneration (>= 4.0.1-rc2-24008) - framework: >= netstandard11, monotouch, xamarinios
      System.Reflection.Primitives (>= 4.0.1-rc2-24008) - framework: >= netstandard11
      System.Runtime (>= 4.1.0-rc2-24008) - framework: >= netstandard11
    System.Reflection.Emit.ILGeneration (4.0.1-rc2-24008) - framework: >= netstandard13
      System.Reflection (>= 4.1.0-rc2-24008) - framework: >= netstandard10
      System.Reflection.Primitives (>= 4.0.1-rc2-24008) - framework: >= netstandard10
      System.Runtime (>= 4.1.0-rc2-24008) - framework: >= netstandard10
    System.Reflection.Emit.Lightweight (4.0.1-rc2-24008) - framework: >= netstandard13
      System.Reflection (>= 4.1.0-rc2-24008) - framework: >= netstandard10
      System.Reflection.Emit.ILGeneration (>= 4.0.1-rc2-24008) - framework: >= netstandard10, monoandroid, monotouch, xamarinios, xamarinmac
      System.Reflection.Primitives (>= 4.0.1-rc2-24008) - framework: >= netstandard10
      System.Runtime (>= 4.1.0-rc2-24008) - framework: >= netstandard10
    System.Reflection.Extensions (4.0.1-rc2-24008) - framework: >= netstandard13
      System.Reflection (>= 4.1.0-rc2-24008) - framework: dnxcore50, >= netstandard10
      System.Runtime (>= 4.1.0-rc2-24008) - framework: dnxcore50, >= netstandard10
    System.Reflection.Primitives (4.0.1-rc2-24008) - framework: >= netstandard13
      System.Runtime (>= 4.1.0-rc2-24008) - framework: dnxcore50, >= netstandard10
    System.Reflection.TypeExtensions (4.1.0-rc2-24008) - framework: >= netstandard13
      System.Reflection (>= 4.1.0-rc2-24008) - framework: dnxcore50, netstandard13, >= netstandard15
      System.Runtime (>= 4.1.0-rc2-24008) - framework: dnxcore50, netstandard13, >= netstandard15
    System.Resources.ResourceManager (4.0.1-rc2-24008) - framework: >= netstandard13
      System.Globalization (>= 4.0.11-rc2-24008) - framework: dnxcore50, >= netstandard10
      System.Reflection (>= 4.1.0-rc2-24008) - framework: dnxcore50, >= netstandard10
      System.Runtime (>= 4.1.0-rc2-24008) - framework: dnxcore50, >= netstandard10
    System.Runtime (4.1.0-rc2-24008) - framework: >= netstandard13
    System.Runtime.Extensions (4.1.0-rc2-24008) - framework: >= netstandard13
      System.Runtime (>= 4.1.0-rc2-24008) - framework: dnxcore50, netstandard10, netstandard13, >= netstandard15
    System.Runtime.Handles (4.0.1-rc2-24008) - framework: >= netstandard13
      System.Runtime (>= 4.1.0-rc2-24008) - framework: >= netstandard13
    System.Runtime.InteropServices (4.1.0-rc2-24008) - framework: >= netstandard13
      System.Reflection (>= 4.1.0-rc2-24008) - framework: dnxcore50, netstandard11, netstandard12, netstandard13, >= netstandard15
      System.Reflection.Primitives (>= 4.0.1-rc2-24008) - framework: dnxcore50, netstandard11, netstandard12, netstandard13, >= netstandard15
      System.Runtime (>= 4.1.0-rc2-24008) - framework: dnxcore50, netstandard11, netstandard12, netstandard13, >= netstandard15
      System.Runtime.Handles (>= 4.0.1-rc2-24008) - framework: dnxcore50, netstandard13, >= netstandard15
      System.Runtime.InteropServices.PInvoke (>= 4.0.0-rc2-24008) - framework: >= netstandard15
    System.Runtime.InteropServices.PInvoke (4.0.0-rc2-24008) - framework: >= netstandard15
      System.Runtime (>= 4.1.0-rc2-24008) - framework: >= netstandard13
      System.Runtime.Handles (>= 4.0.1-rc2-24008) - framework: >= netstandard13
    System.Runtime.InteropServices.RuntimeInformation (4.0.0-rc2-24008) - framework: >= netstandard13
      System.Runtime (>= 4.1.0-rc2-24008) - framework: >= netstandard11
    System.Runtime.Numerics (4.0.1-rc2-24008) - framework: >= netstandard14
      System.Globalization (>= 4.0.11-rc2-24008) - framework: dnxcore50, >= netstandard13
      System.Resources.ResourceManager (>= 4.0.1-rc2-24008) - framework: dnxcore50, >= netstandard13
      System.Runtime (>= 4.1.0-rc2-24008) - framework: dnxcore50, netstandard11, >= netstandard13
      System.Runtime.Extensions (>= 4.1.0-rc2-24008) - framework: dnxcore50, >= netstandard13
    System.Security.Claims (4.0.1-rc2-24008) - framework: >= netstandard13
      System.Collections (>= 4.0.11-rc2-24008) - framework: >= netstandard13
      System.Globalization (>= 4.0.11-rc2-24008) - framework: >= netstandard13
      System.IO (>= 4.1.0-rc2-24008) - framework: >= netstandard13
      System.Resources.ResourceManager (>= 4.0.1-rc2-24008) - framework: >= netstandard13
      System.Runtime (>= 4.1.0-rc2-24008) - framework: >= netstandard13
      System.Runtime.Extensions (>= 4.1.0-rc2-24008) - framework: >= netstandard13
      System.Security.Principal (>= 4.0.1-rc2-24008) - framework: >= netstandard13
    System.Security.Cryptography.Algorithms (4.1.0-rc2-24008) - framework: >= netstandard13
      System.IO (>= 4.1.0-rc2-24008) - framework: >= netstandard13
      System.Resources.ResourceManager (>= 4.0.1-rc2-24008) - framework: >= netstandard14
      System.Runtime (>= 4.1.0-rc2-24008) - framework: >= netstandard13
      System.Runtime.Extensions (>= 4.1.0-rc2-24008) - framework: >= netstandard14
      System.Runtime.Handles (>= 4.0.1-rc2-24008) - framework: >= netstandard14
      System.Runtime.InteropServices (>= 4.1.0-rc2-24008) - framework: >= netstandard14
      System.Security.Cryptography.Primitives (>= 4.0.0-rc2-24008) - framework: net46, >= net461, >= netstandard13
      System.Text.Encoding (>= 4.0.11-rc2-24008) - framework: >= netstandard14
    System.Security.Cryptography.Cng (4.1.0-rc2-24008) - framework: >= netstandard14
      System.IO (>= 4.1.0-rc2-24008) - framework: >= netstandard13
      System.Resources.ResourceManager (>= 4.0.1-rc2-24008) - framework: >= netstandard14
      System.Runtime (>= 4.1.0-rc2-24008) - framework: >= netstandard13
      System.Runtime.Extensions (>= 4.1.0-rc2-24008) - framework: >= netstandard14
      System.Runtime.Handles (>= 4.0.1-rc2-24008) - framework: >= netstandard13
      System.Runtime.InteropServices (>= 4.1.0-rc2-24008) - framework: >= netstandard14
      System.Security.Cryptography.Algorithms (>= 4.1.0-rc2-24008) - framework: net46, >= net461, >= netstandard13
      System.Security.Cryptography.Primitives (>= 4.0.0-rc2-24008) - framework: net46, >= net461, >= netstandard13
      System.Text.Encoding (>= 4.0.11-rc2-24008) - framework: >= netstandard14
    System.Security.Cryptography.Csp (4.0.0-rc2-24008) - framework: >= netstandard14
      System.IO (>= 4.1.0-rc2-24008) - framework: >= netstandard13
      System.Reflection (>= 4.1.0-rc2-24008) - framework: >= netstandard13
      System.Resources.ResourceManager (>= 4.0.1-rc2-24008) - framework: >= netstandard13
      System.Runtime (>= 4.1.0-rc2-24008) - framework: >= netstandard13
      System.Runtime.Extensions (>= 4.1.0-rc2-24008) - framework: >= netstandard13
      System.Runtime.Handles (>= 4.0.1-rc2-24008) - framework: >= netstandard13
      System.Runtime.InteropServices (>= 4.1.0-rc2-24008) - framework: >= netstandard13
      System.Security.Cryptography.Algorithms (>= 4.1.0-rc2-24008) - framework: >= net46, >= netstandard13
      System.Security.Cryptography.Encoding (>= 4.0.0-rc2-24008) - framework: >= netstandard13
      System.Security.Cryptography.Primitives (>= 4.0.0-rc2-24008) - framework: >= net46, >= netstandard13
      System.Text.Encoding (>= 4.0.11-rc2-24008) - framework: >= netstandard13
      System.Threading (>= 4.0.11-rc2-24008) - framework: >= netstandard13
    System.Security.Cryptography.Encoding (4.0.0-rc2-24008) - framework: >= netstandard13
      runtime.native.System.Security.Cryptography (>= 4.0.0-rc2-24008) - framework: >= net46, >= netstandard13
      System.Collections (>= 4.0.11-rc2-24008) - framework: >= netstandard13
      System.Collections.Concurrent (>= 4.0.12-rc2-24008) - framework: >= netstandard13
      System.Diagnostics.Debug (>= 4.0.11-rc2-24008) - framework: >= netstandard13
      System.Linq (>= 4.1.0-rc2-24008) - framework: >= netstandard13
      System.Resources.ResourceManager (>= 4.0.1-rc2-24008) - framework: >= netstandard13
      System.Runtime (>= 4.1.0-rc2-24008) - framework: >= netstandard13
      System.Runtime.Extensions (>= 4.1.0-rc2-24008) - framework: >= netstandard13
      System.Runtime.Handles (>= 4.0.1-rc2-24008) - framework: >= netstandard13
      System.Runtime.InteropServices (>= 4.1.0-rc2-24008) - framework: >= netstandard13
      System.Security.Cryptography.Primitives (>= 4.0.0-rc2-24008) - framework: >= netstandard13
      System.Text.Encoding (>= 4.0.11-rc2-24008) - framework: >= netstandard13
    System.Security.Cryptography.OpenSsl (4.0.0-rc2-24008) - framework: >= netstandard14
      runtime.native.System.Security.Cryptography (>= 4.0.0-rc2-24008) - framework: >= netstandard14
      System.Collections (>= 4.0.11-rc2-24008) - framework: >= netstandard14
      System.IO (>= 4.1.0-rc2-24008) - framework: >= netstandard14
      System.Resources.ResourceManager (>= 4.0.1-rc2-24008) - framework: >= netstandard14
      System.Runtime (>= 4.1.0-rc2-24008) - framework: >= netstandard14
      System.Runtime.Extensions (>= 4.1.0-rc2-24008) - framework: >= netstandard14
      System.Runtime.Handles (>= 4.0.1-rc2-24008) - framework: >= netstandard14
      System.Runtime.InteropServices (>= 4.1.0-rc2-24008) - framework: >= netstandard14
      System.Runtime.Numerics (>= 4.0.1-rc2-24008) - framework: >= netstandard14
      System.Security.Cryptography.Algorithms (>= 4.1.0-rc2-24008) - framework: >= netstandard14
      System.Security.Cryptography.Encoding (>= 4.0.0-rc2-24008) - framework: >= netstandard14
      System.Security.Cryptography.Primitives (>= 4.0.0-rc2-24008) - framework: >= netstandard14
      System.Text.Encoding (>= 4.0.11-rc2-24008) - framework: >= netstandard14
    System.Security.Cryptography.Primitives (4.0.0-rc2-24008) - framework: >= netstandard13
      System.Diagnostics.Debug (>= 4.0.11-rc2-24008) - framework: >= netstandard13
      System.Globalization (>= 4.0.11-rc2-24008) - framework: >= netstandard13
      System.IO (>= 4.1.0-rc2-24008) - framework: >= netstandard13
      System.Resources.ResourceManager (>= 4.0.1-rc2-24008) - framework: >= netstandard13
      System.Runtime (>= 4.1.0-rc2-24008) - framework: >= netstandard13
      System.Threading (>= 4.0.11-rc2-24008) - framework: >= netstandard13
      System.Threading.Tasks (>= 4.0.11-rc2-24008) - framework: >= netstandard13
    System.Security.Cryptography.X509Certificates (4.1.0-rc2-24008) - framework: >= netstandard13
      runtime.native.System (>= 4.0.0-rc2-24008) - framework: net46, >= net461, dnxcore50, >= netstandard13
      runtime.native.System.Net.Http (>= 4.0.1-rc2-24008) - framework: net46, >= net461, dnxcore50, >= netstandard13
      runtime.native.System.Security.Cryptography (>= 4.0.0-rc2-24008) - framework: net46, >= net461, dnxcore50, >= netstandard13
      System.Collections (>= 4.0.11-rc2-24008) - framework: dnxcore50, >= netstandard14
      System.Diagnostics.Debug (>= 4.0.11-rc2-24008) - framework: >= netstandard14
      System.Globalization (>= 4.0.11-rc2-24008) - framework: dnxcore50, >= netstandard14
      System.Globalization.Calendars (>= 4.0.1-rc2-24008) - framework: dnxcore50, >= netstandard14
      System.IO (>= 4.1.0-rc2-24008) - framework: dnxcore50, >= netstandard14
      System.IO.FileSystem (>= 4.0.1-rc2-24008) - framework: dnxcore50, >= netstandard14
      System.IO.FileSystem.Primitives (>= 4.0.1-rc2-24008) - framework: >= netstandard14
      System.IO.FileSystem.Watcher (>= 4.0.0-rc2-24008) - framework: >= netstandard14
      System.Resources.ResourceManager (>= 4.0.1-rc2-24008) - framework: dnxcore50, >= netstandard14
      System.Runtime (>= 4.1.0-rc2-24008) - framework: dnxcore50, >= netstandard13
      System.Runtime.Extensions (>= 4.1.0-rc2-24008) - framework: dnxcore50, >= netstandard14
      System.Runtime.Handles (>= 4.0.1-rc2-24008) - framework: dnxcore50, >= netstandard13
      System.Runtime.InteropServices (>= 4.1.0-rc2-24008) - framework: dnxcore50, >= netstandard14
      System.Runtime.Numerics (>= 4.0.1-rc2-24008) - framework: dnxcore50, >= netstandard14
      System.Security.Cryptography.Algorithms (>= 4.1.0-rc2-24008) - framework: net46, >= net461, dnxcore50, >= netstandard13
      System.Security.Cryptography.Cng (>= 4.1.0-rc2-24008) - framework: dnxcore50, >= netstandard14
      System.Security.Cryptography.Csp (>= 4.0.0-rc2-24008) - framework: >= netstandard14
      System.Security.Cryptography.Encoding (>= 4.0.0-rc2-24008) - framework: net46, >= net461, dnxcore50, >= netstandard13
      System.Security.Cryptography.OpenSsl (>= 4.0.0-rc2-24008) - framework: >= netstandard14
      System.Security.Cryptography.Primitives (>= 4.0.0-rc2-24008) - framework: dnxcore50, >= netstandard14
      System.Text.Encoding (>= 4.0.11-rc2-24008) - framework: dnxcore50, >= netstandard14
      System.Threading (>= 4.0.11-rc2-24008) - framework: dnxcore50, >= netstandard14
    System.Security.Principal (4.0.1-rc2-24008) - framework: >= netstandard13
      System.Runtime (>= 4.1.0-rc2-24008) - framework: dnxcore50, >= netstandard10
    System.Text.Encoding (4.0.11-rc2-24008) - framework: >= netstandard13
      System.Runtime (>= 4.1.0-rc2-24008) - framework: dnxcore50, netstandard10, >= netstandard13
    System.Text.Encodings.Web (4.0.0-rc2-24008) - framework: >= net451, >= netstandard13
      System.Diagnostics.Debug (>= 4.0.11-rc2-24008) - framework: >= netstandard10
      System.IO (>= 4.1.0-rc2-24008) - framework: >= netstandard10
      System.Reflection (>= 4.1.0-rc2-24008) - framework: >= netstandard10
      System.Resources.ResourceManager (>= 4.0.1-rc2-24008) - framework: >= netstandard10
      System.Runtime (>= 4.1.0-rc2-24008) - framework: >= netstandard10
      System.Runtime.Extensions (>= 4.1.0-rc2-24008) - framework: >= netstandard10
      System.Threading (>= 4.0.11-rc2-24008) - framework: >= netstandard10
    System.Text.RegularExpressions (4.0.12-rc2-24008) - framework: >= netstandard13
      System.Collections (>= 4.0.11-rc2-24008) - framework: dnxcore50, >= netstandard13
      System.Globalization (>= 4.0.11-rc2-24008) - framework: dnxcore50, >= netstandard13
      System.Resources.ResourceManager (>= 4.0.1-rc2-24008) - framework: dnxcore50, >= netstandard13
      System.Runtime (>= 4.1.0-rc2-24008) - framework: dnxcore50, netstandard10, >= netstandard13
      System.Runtime.Extensions (>= 4.1.0-rc2-24008) - framework: dnxcore50, >= netstandard13
      System.Threading (>= 4.0.11-rc2-24008) - framework: dnxcore50, >= netstandard13
    System.Threading (4.0.11-rc2-24008) - framework: >= netstandard13
      System.Runtime (>= 4.1.0-rc2-24008) - framework: dnxcore50, netstandard10, >= netstandard13
      System.Threading.Tasks (>= 4.0.11-rc2-24008) - framework: dnxcore50, netstandard10, >= netstandard13
    System.Threading.Overlapped (4.0.1-rc2-24008) - framework: >= netstandard13
      System.Resources.ResourceManager (>= 4.0.1-rc2-24008) - framework: dnxcore50, >= netstandard13
      System.Runtime (>= 4.1.0-rc2-24008) - framework: dnxcore50, >= netstandard13
      System.Runtime.Handles (>= 4.0.1-rc2-24008) - framework: dnxcore50, >= netstandard13
    System.Threading.Tasks (4.0.11-rc2-24008) - framework: >= netstandard13
      System.Runtime (>= 4.1.0-rc2-24008) - framework: dnxcore50, netstandard10, >= netstandard13
    System.Threading.Tasks.Extensions (4.0.0-rc2-24008) - framework: >= net451, >= netstandard13
      System.Collections (>= 4.0.11-rc2-24008) - framework: >= netstandard10
      System.Runtime (>= 4.1.0-rc2-24008) - framework: >= netstandard10
      System.Threading.Tasks (>= 4.0.11-rc2-24008) - framework: >= netstandard10
    System.Threading.Thread (4.0.0-rc2-24008) - framework: >= netstandard13
      System.Runtime (>= 4.1.0-rc2-24008) - framework: >= netstandard13
    System.Threading.ThreadPool (4.0.10-rc2-24008) - framework: >= netstandard13
      System.Runtime (>= 4.1.0-rc2-24008) - framework: >= netstandard13
      System.Runtime.Handles (>= 4.0.1-rc2-24008) - framework: >= netstandard13
    System.Threading.Timer (4.0.1-rc2-24008) - framework: >= netstandard13
      System.Runtime (>= 4.1.0-rc2-24008) - framework: dnxcore50, >= netstandard12
